REDIRECTS: ON
RESTRICTION: || (== net45) (== net46)
NUGET
  remote: http://www.nuget.org/api/v2
    FAKE (4.64.3)
    FsCheck (2.8.2)
      FSharp.Core (>= 3.1.2.5)
    FSharp.Compiler.Service (17.0.1)
      System.Collections.Immutable (>= 1.3.1)
      System.Reflection.Metadata (>= 1.4.2)
    FSharp.Core (4.0.0.1)
    FSharp.Formatting (2.10)
      FSharp.Compiler.Service (>= 0.0.87)
      FSharpVSPowerTools.Core (1.8)
    FSharpVSPowerTools.Core (1.8)
      FSharp.Compiler.Service (>= 0.0.87)
    Microsoft.NETCore.Platforms (2.0.1) - restriction: == net45
    Microsoft.Reactive.Testing (3.1.1)
      System.Reactive.PlatformServices (>= 3.1.1)
    NETStandard.Library (2.0.1) - restriction: == net45
      Microsoft.NETCore.Platforms (>= 1.1)
      System.Runtime.InteropServices.RuntimeInformation (>= 4.3)
    NuGet.CommandLine (4.4.1)
    NUnit (3.9)
    NUnit.ConsoleRunner (3.7)
    NUnit.Extension.NUnitProjectLoader (3.6)
    NUnit.Extension.NUnitV2Driver (3.7)
    NUnit.Extension.NUnitV2ResultWriter (3.6)
    NUnit.Extension.TeamCityEventListener (1.0.3)
    NUnit.Extension.VSProjectLoader (3.7)
    NUnit.Runners (3.7)
      NUnit.ConsoleRunner (>= 3.7)
      NUnit.Extension.NUnitProjectLoader (>= 3.5)
      NUnit.Extension.NUnitV2Driver (>= 3.6)
      NUnit.Extension.NUnitV2ResultWriter (>= 3.5)
      NUnit.Extension.TeamCityEventListener (>= 1.0.2)
      NUnit.Extension.VSProjectLoader (>= 3.5)
    SourceLink.Fake (1.1)
    System.Collections.Immutable (1.4)
    System.Reactive (3.1.1)
      System.Reactive.PlatformServices (>= 3.1.1)
      System.Reactive.Windows.Threading (>= 3.1.1)
    System.Reactive.Core (3.1.1)
      System.Reactive.Interfaces (>= 3.1.1)
    System.Reactive.Interfaces (3.1.1)
    System.Reactive.Linq (3.1.1)
      System.Reactive.Core (>= 3.1.1)
    System.Reactive.PlatformServices (3.1.1)
      System.Reactive.Linq (>= 3.1.1)
    System.Reactive.Windows.Threading (3.1.1)
      System.Reactive.Core (>= 3.1.1)
    System.Reflection.Metadata (1.5)
      NETStandard.Library (>= 1.6.1) - restriction: == net45
      System.Collections.Immutable (>= 1.4) - restriction: == net45
    System.Runtime.InteropServices.RuntimeInformation (4.3) - restriction: == net45
